GEM
  remote: https://rubygems.org/
  specs:
    bundler-audit (0.9.1)
      bundler (>= 1.2.0, < 3)
      thor (~> 1.0)
    json (2.7.1)
    minitest (5.22.3)
    thor (1.3.1)

PLATFORMS
  x86_64-linux

DEPENDENCIES
  bundler-audit
  json
  minitest

BUNDLED WITH
   2.4.22
